GEM
  remote: https://rubygems.org/
  specs:
    daemons (1.3.1)
    eventmachine (1.2.7)
    optic-middleware (0.1.3)
    rack (2.0.6)
    thin (1.7.2)
      daemons (~> 1.0, >= 1.0.9)
      eventmachine (~> 1.0, >= 1.0.4)
      rack (>= 1, < 3)

PLATFORMS
  ruby

DEPENDENCIES
  optic-middleware (~> 0.1.3)
  rack
  thin

RUBY VERSION
   ruby 2.3.7p456

BUNDLED WITH
   2.0.1
